GIT
  remote: git://github.com/rocktree/cambium.git
  revision: 95179cf8734cc58cb0b5dae4ba7ec487b5690459
  specs:
    cambium (0.3.0)
      rails
      rake

GIT
  remote: https://github.com/stripe/stripe-ruby
  revision: d5f5efb77dea5f517d7d77c1490567c0c27fef68
  specs:
    stripe (1.31.0)
      json (~> 1.8.1)
      rest-client (~> 1.4)

GEM
  remote: https://rubygems.org/
  specs:
    CFPropertyList (2.2.8)
    actionmailer (4.1.0)
      actionpack (= 4.1.0)
      actionview (= 4.1.0)
      mail (~> 2.5.4)
    actionpack (4.1.0)
      actionview (= 4.1.0)
      activesupport (= 4.1.0)
      rack (~> 1.5.2)
      rack-test (~> 0.6.2)
    actionpack-action_caching (1.1.1)
      actionpack (>= 4.0.0, < 5.0)
    actionview (4.1.0)
      activesupport (= 4.1.0)
      builder (~> 3.1)
      erubis (~> 2.7.0)
    active_record_query_trace (1.4)
    activemodel (4.1.0)
      activesupport (= 4.1.0)
      builder (~> 3.1)
    activerecord (4.1.0)
      activemodel (= 4.1.0)
      activesupport (= 4.1.0)
      arel (~> 5.0.0)
    activeresource (4.0.0)
      activemodel (~> 4.0)
      activesupport (~> 4.0)
      rails-observers (~> 0.1.1)
    activesupport (4.1.0)
      i18n (~> 0.6, >= 0.6.9)
      json (~> 1.7, >= 1.7.7)
      minitest (~> 5.1)
      thread_safe (~> 0.1)
      tzinfo (~> 1.1)
    addressable (2.3.6)
    ancestry (2.1.0)
      activerecord (>= 3.0.0)
    annotate (2.6.5)
      activerecord (>= 2.3.0)
      rake (>= 0.8.7)
    arel (5.0.1.20140414130214)
    awesome_print (1.2.0)
    backbone-on-rails (1.1.2.0)
      actionmailer
      actionpack
      activemodel
      activeresource
      eco
      ejs
      jquery-rails
      railties
    bcrypt (3.1.9)
    better_errors (2.0.0)
      coderay (>= 1.0.0)
      erubis (>= 2.6.6)
      rack (>= 0.9.0)
    binding_of_caller (0.7.2)
      debug_inspector (>= 0.0.1)
    bones-rails (1.1.1)
      sass
    bourbon (3.2.3)
      sass (~> 3.2)
      thor
    builder (3.2.2)
    bullet (5.1.0)
      activesupport (>= 3.0.0)
      uniform_notifier (~> 1.10.0)
    chronic (0.10.2)
    chunky_png (1.3.3)
    coderay (1.1.0)
    coffee-rails (4.0.1)
      coffee-script (>= 2.2.0)
      railties (>= 4.0.0, < 5.0)
    coffee-script (2.3.0)
      coffee-script-source
      execjs
    coffee-script-source (1.8.0)
    compass (0.12.7)
      chunky_png (~> 1.2)
      fssm (>= 0.2.7)
      sass (~> 3.2.19)
    compass-rails (2.0.0)
      compass (>= 0.12.2)
    daemons (1.1.9)
    database_cleaner (1.4.1)
    debug_inspector (0.0.2)
    delayed_job (4.1.2)
      activesupport (>= 3.0, < 5.1)
    delayed_job_active_record (4.1.1)
      activerecord (>= 3.0, < 5.1)
      delayed_job (>= 3.0, < 5)
    devise (3.4.1)
      bcrypt (~> 3.0)
      orm_adapter (~> 0.1)
      railties (>= 3.2.6, < 5)
      responders
      thread_safe (~> 0.1)
      warden (~> 1.2.3)
    diff-lcs (1.2.5)
    domain_name (0.5.25)
      unf (>= 0.0.5, < 1.0.0)
    dragonfly (1.0.7)
      addressable (~> 2.3)
      multi_json (~> 1.0)
      rack
    eco (1.0.0)
      coffee-script
      eco-source
      execjs
    eco-source (1.1.0.rc.1)
    ejs (1.1.1)
    erubis (2.7.0)
    eventmachine (1.0.4)
    exception_notification (4.0.1)
      actionmailer (>= 3.0.4)
      activesupport (>= 3.0.4)
    excon (0.41.0)
    execjs (2.2.2)
    factory_girl (4.5.0)
      activesupport (>= 3.0.0)
    factory_girl_rails (4.5.0)
      factory_girl (~> 4.5.0)
      railties (>= 3.0.0)
    faker (1.4.3)
      i18n (~> 0.5)
    faraday (0.9.0)
      multipart-post (>= 1.2, < 3)
    fission (0.5.0)
      CFPropertyList (~> 2.2)
    fog (1.25.0)
      fog-brightbox (~> 0.4)
      fog-core (~> 1.25)
      fog-json
      fog-profitbricks
      fog-radosgw (>= 0.0.2)
      fog-sakuracloud (>= 0.0.4)
      fog-softlayer
      fog-terremark
      fog-vmfusion
      fog-voxel
      fog-xml (~> 0.1.1)
      ipaddress (~> 0.5)
      nokogiri (~> 1.5, >= 1.5.11)
      opennebula
    fog-brightbox (0.6.1)
      fog-core (~> 1.22)
      fog-json
      inflecto
    fog-core (1.25.0)
      builder
      excon (~> 0.38)
      formatador (~> 0.2)
      mime-types
      net-scp (~> 1.1)
      net-ssh (>= 2.1.3)
    fog-json (1.0.0)
      multi_json (~> 1.0)
    fog-profitbricks (0.0.1)
      fog-core
      fog-xml
      nokogiri
    fog-radosgw (0.0.3)
      fog-core (>= 1.21.0)
      fog-json
      fog-xml (>= 0.0.1)
    fog-sakuracloud (0.1.1)
      fog-core
      fog-json
    fog-softlayer (0.3.24)
      fog-core
      fog-json
    fog-terremark (0.0.3)
      fog-core
      fog-xml
    fog-vmfusion (0.0.1)
      fission
      fog-core
    fog-voxel (0.0.1)
      fog-core
      fog-xml
    fog-xml (0.1.1)
      fog-core
      nokogiri (~> 1.5, >= 1.5.11)
    formatador (0.2.5)
    fssm (0.2.10)
    geocoder (1.2.8)
    haml (4.0.6)
      tilt
    hike (1.2.3)
    hirb (0.7.2)
    honeypot-captcha (0.0.3)
    http-cookie (1.0.2)
      domain_name (~> 0.5)
    httparty (0.13.7)
      json (~> 1.8)
      multi_xml (>= 0.5.2)
    httpclient (2.5.3.3)
    i18n (0.6.11)
    inflecto (0.0.2)
    ipaddress (0.8.0)
    jbuilder (2.2.3)
      activesupport (>= 3.0.0, < 5)
      multi_json (~> 1.2)
    jcrop-rails-v2 (0.9.12.3)
    jquery-fileupload-rails (0.4.1)
      actionpack (>= 3.1)
      railties (>= 3.1)
    jquery-rails (3.1.2)
      railties (>= 3.0, < 5.0)
      thor (>= 0.14, < 2.0)
    jquery-ui-rails (5.0.3)
      railties (>= 3.2.16)
    json (1.8.1)
    kaminari (0.16.1)
      actionpack (>= 3.0.0)
      activesupport (>= 3.0.0)
    kgio (2.9.2)
    koala (1.10.1)
      addressable
      faraday
      multi_json
    mail (2.5.4)
      mime-types (~> 1.16)
      treetop (~> 1.4.8)
    mailcatcher (0.2.4)
      eventmachine
      haml
      i18n
      json
      mail
      sinatra
      skinny (>= 0.1.2)
      sqlite3-ruby
      thin
    mailchimp (0.0.9)
      httparty
    mime-types (1.25.1)
    mini_portile (0.6.1)
    minitest (5.4.2)
    multi_json (1.10.1)
    multi_xml (0.5.5)
    multipart-post (2.0.0)
    mysql2 (0.3.16)
    net-scp (1.2.1)
      net-ssh (>= 2.6.5)
    net-ssh (2.9.1)
    netrc (0.11.0)
    nokogiri (1.6.4.1)
      mini_portile (~> 0.6.0)
    opennebula (4.10.1)
      json
      nokogiri
      rbvmomi
    orm_adapter (0.5.0)
    paint (0.9.0)
    pg (0.18.1)
    pg_search (0.7.9)
      activerecord (>= 3.1)
      activesupport (>= 3.1)
      arel
    pickadate-rails (3.5.4.0)
      railties (>= 3.1.0)
    polyglot (0.3.5)
    posix-spawn (0.3.9)
    pygments.rb (0.6.0)
      posix-spawn (~> 0.3.6)
      yajl-ruby (~> 1.1.0)
    quiet_assets (1.1.0)
      railties (>= 3.1, < 5.0)
    rack (1.5.2)
    rack-cache (1.2)
      rack (>= 0.4)
    rack-mini-profiler (0.10.1)
      rack (>= 1.2.0)
    rack-protection (1.5.3)
      rack
    rack-test (0.6.2)
      rack (>= 1.0)
    rails (4.1.0)
      actionmailer (= 4.1.0)
      actionpack (= 4.1.0)
      actionview (= 4.1.0)
      activemodel (= 4.1.0)
      activerecord (= 4.1.0)
      activesupport (= 4.1.0)
      bundler (>= 1.3.0, < 2.0)
      railties (= 4.1.0)
      sprockets-rails (~> 2.0)
    rails-console-tweaks (1.0.2)
      rails (>= 3.0)
    rails-observers (0.1.2)
      activemodel (~> 4.0)
    railties (4.1.0)
      actionpack (= 4.1.0)
      activesupport (= 4.1.0)
      rake (>= 0.8.7)
      thor (>= 0.18.1, < 2.0)
    raindrops (0.13.0)
    rake (10.3.2)
    rbvmomi (1.8.2)
      builder
      nokogiri (>= 1.4.1)
      trollop
    redcarpet (3.2.2)
    redis (3.2.0)
    redis-actionpack (4.0.1)
      actionpack (~> 4)
      redis-rack (~> 1.5.0)
      redis-store (~> 1.1.0)
    redis-activesupport (4.1.5)
      activesupport (>= 3, < 5)
      redis-store (~> 1.1.0)
    redis-rack (1.5.0)
      rack (~> 1.5)
      redis-store (~> 1.1.0)
    redis-rails (4.0.0)
      redis-actionpack (~> 4)
      redis-activesupport (~> 4)
      redis-store (~> 1.1.0)
    redis-store (1.1.7)
      redis (>= 2.2)
    responders (1.1.2)
      railties (>= 3.2, < 4.2)
    rest-client (1.8.0)
      http-cookie (>= 1.0.2, < 2.0)
      mime-types (>= 1.16, < 3.0)
      netrc (~> 0.7)
    reverse_markdown (0.6.0)
      nokogiri
    rspec-core (3.1.7)
      rspec-support (~> 3.1.0)
    rspec-expectations (3.1.2)
      diff-lcs (>= 1.2.0, < 2.0)
      rspec-support (~> 3.1.0)
    rspec-mocks (3.1.3)
      rspec-support (~> 3.1.0)
    rspec-rails (3.1.0)
      actionpack (>= 3.0)
      activesupport (>= 3.0)
      railties (>= 3.0)
      rspec-core (~> 3.1.0)
      rspec-expectations (~> 3.1.0)
      rspec-mocks (~> 3.1.0)
      rspec-support (~> 3.1.0)
    rspec-support (3.1.2)
    ruby-filemagic (0.6.1)
    rubyzip (1.2.0)
    sass (3.2.19)
    sass-rails (4.0.3)
      railties (>= 4.0.0, < 5.0)
      sass (~> 3.2.0)
      sprockets (~> 2.8, <= 2.11.0)
      sprockets-rails (~> 2.0)
    sendgrid (1.2.0)
      json
    simple_form (3.0.2)
      actionpack (~> 4.0)
      activemodel (~> 4.0)
    sinatra (1.4.5)
      rack (~> 1.4)
      rack-protection (~> 1.4)
      tilt (~> 1.3, >= 1.3.4)
    sitemap_generator (5.0.5)
      builder
    skinny (0.2.3)
      eventmachine (~> 1.0.0)
      thin (~> 1.5.0)
    sprockets (2.11.0)
      hike (~> 1.2)
      multi_json (~> 1.0)
      rack (~> 1.0)
      tilt (~> 1.1, != 1.3.0)
    sprockets-rails (2.2.0)
      actionpack (>= 3.0)
      activesupport (>= 3.0)
      sprockets (>= 2.8, < 4.0)
    sqlite3 (1.3.10)
    sqlite3-ruby (1.3.3)
      sqlite3 (>= 1.3.3)
    thin (1.5.1)
      daemons (>= 1.0.9)
      eventmachine (>= 0.12.6)
      rack (>= 1.0.0)
    thor (0.19.1)
    thread_safe (0.3.4)
    tilt (1.4.1)
    treetop (1.4.15)
      polyglot
      polyglot (>= 0.3.1)
    trollop (2.0)
    tzinfo (1.2.2)
      thread_safe (~> 0.1)
    uglifier (2.5.3)
      execjs (>= 0.3.0)
      json (>= 1.8.0)
    unf (0.1.4)
      unf_ext
    unf_ext (0.0.7.1)
    unicorn (4.8.3)
      kgio (~> 2.6)
      rack
      raindrops (~> 0.7)
    unicorn-rails (2.2.0)
      rack
      unicorn
    uniform_notifier (1.10.0)
    warden (1.2.3)
      rack (>= 1.0)
    whenever (0.9.4)
      chronic (>= 0.6.3)
    wirb (1.0.3)
      paint (~> 0.8)
    wysihtml5-rails (0.0.4)
      railties (>= 3.1.0)
    yajl-ruby (1.1.0)
    yaml_db (0.3.0)
      rails (>= 3.0, < 4.3)
      rake (>= 0.8.7)

PLATFORMS
  ruby

DEPENDENCIES
  actionpack-action_caching
  active_record_query_trace
  ancestry
  annotate
  awesome_print
  backbone-on-rails
  better_errors
  binding_of_caller
  bones-rails
  bourbon
  bullet
  cambium!
  coffee-rails
  compass-rails
  database_cleaner
  delayed_job_active_record
  devise
  dragonfly
  exception_notification
  factory_girl_rails
  faker
  fog
  geocoder
  hirb
  honeypot-captcha
  httpclient
  jbuilder
  jcrop-rails-v2
  jquery-fileupload-rails
  jquery-rails
  jquery-ui-rails
  kaminari
  koala
  mailcatcher
  mailchimp
  mysql2
  pg
  pg_search
  pickadate-rails
  pygments.rb
  quiet_assets
  rack-cache
  rack-mini-profiler
  rails (= 4.1.0)
  rails-console-tweaks
  redcarpet
  redis-rails
  reverse_markdown
  rspec-rails
  ruby-filemagic
  rubyzip (>= 1.0.0)
  sass-rails
  sendgrid
  simple_form
  sitemap_generator
  stripe!
  uglifier
  unicorn-rails
  whenever
  wirb
  wysihtml5-rails
  yaml_db

BUNDLED WITH
   1.11.2
